PATH
  remote: .
  specs:
    banalize (0.0.5)
      activesupport (~> 3.2.13)
      gli (= 2.5.4)
      mash

GEM
  remote: https://rubygems.org/
  specs:
    activesupport (3.2.13)
      i18n (= 0.6.1)
      multi_json (~> 1.0)
    aruba (0.5.1)
      childprocess (~> 0.3.6)
      cucumber (>= 1.1.1)
      rspec-expectations (>= 2.7.0)
    builder (3.1.4)
    childprocess (0.3.7)
      ffi (~> 1.0, >= 1.0.6)
    cucumber (1.2.1)
      builder (>= 2.1.2)
      diff-lcs (>= 1.1.3)
      gherkin (~> 2.11.0)
      json (>= 1.4.6)
    diff-lcs (1.1.3)
    ffi (1.3.1)
    gherkin (2.11.6)
      json (>= 1.7.6)
    gli (2.5.4)
    i18n (0.6.1)
    json (1.7.6)
    log_switch (0.4.0)
    mash (0.1.1)
    multi_json (1.7.2)
    rake (10.0.3)
    rdoc (3.12.1)
      json (~> 1.4)
    redcarpet (2.2.2)
    rspec-core (2.12.2)
    rspec-expectations (2.12.1)
      diff-lcs (~> 1.1.3)
    rspec-mocks (2.12.1)
    tailor (1.1.5)
      log_switch (>= 0.3.0)
      term-ansicolor (>= 1.0.5)
      text-table (>= 1.2.2)
    term-ansicolor (1.0.7)
    text-table (1.2.2)
    yard (0.8.5.2)

PLATFORMS
  ruby

DEPENDENCIES
  activesupport (~> 3.2.13)
  aruba
  banalize!
  gli
  mash
  rake
  rdoc
  redcarpet
  rspec-core
  rspec-expectations
  rspec-mocks
  tailor
  yard
