PATH
  remote: .
  specs:
    banalize (0.0.1)
      gli (= 2.5.4)

GEM
  remote: http://rubygems.org/
  specs:
    active_support (3.0.0)
      activesupport (= 3.0.0)
    activesupport (3.0.0)
    aruba (0.5.1)
      childprocess (~> 0.3.6)
      cucumber (>= 1.1.1)
      rspec-expectations (>= 2.7.0)
    builder (3.1.4)
    childprocess (0.3.7)
      ffi (~> 1.0, >= 1.0.6)
    columnize (0.3.6)
    cucumber (1.2.1)
      builder (>= 2.1.2)
      diff-lcs (>= 1.1.3)
      gherkin (~> 2.11.0)
      json (>= 1.4.6)
    debugger (1.2.4)
      columnize (>= 0.3.1)
      debugger-linecache (~> 1.1.1)
      debugger-ruby_core_source (~> 1.1.7)
    debugger-linecache (1.1.2)
      debugger-ruby_core_source (>= 1.1.1)
    debugger-ruby_core_source (1.1.7)
    diff-lcs (1.1.3)
    ffi (1.3.1)
    gherkin (2.11.6)
      json (>= 1.7.6)
    gli (2.5.4)
    json (1.7.6)
    rake (10.0.3)
    rdoc (3.12.1)
      json (~> 1.4)
    rspec-core (2.12.2)
    rspec-expectations (2.12.1)
      diff-lcs (~> 1.1.3)
    rspec-mocks (2.12.1)

PLATFORMS
  ruby

DEPENDENCIES
  active_support
  aruba
  banalize!
  debugger
  gli
  rake
  rdoc
  rspec-core
  rspec-expectations
  rspec-mocks
